NUGET
  remote: http://www.nuget.org/api/v2
    Gu.Localization (3.1)
    Gu.Units (0.9)
    Gu.Units.Wpf (0.9)
      Gu.Units (>= 0.9)
    Gu.Wpf.Localization (3.1)
      Gu.Localization (>= 3.1)
    Gu.Wpf.NumericInput (0.4.8)
    Gu.Wpf.PropertyGrid (2.3)
      Gu.Wpf.ValidationScope
    Gu.Wpf.PropertyGrid.UnitSettingControls (2.3)
      Gu.Units.Wpf
      Gu.Wpf.NumericInput
      Gu.Wpf.PropertyGrid (>= 2.3)
      Gu.Wpf.ValidationScope
    Gu.Wpf.ValidationScope (0.1.4.2)
    JetBrains.Annotations (10.1.4)
      System.Runtime (>= 4.0) - framework: dnxcore50
    System.Private.Uri (4.0) - framework: dnxcore50
    System.Runtime (4.0.20)
      System.Private.Uri (>= 4.0) - framework: dnxcore50
